GEM
  remote: http://rubygems.org/
  specs:
    activesupport (3.0.0)
    icalendar (1.1.6)

PLATFORMS
  ruby

DEPENDENCIES
  activesupport
  icalendar
